GEM
  remote: https://rubygems.org/
  specs:
    ffi (1.9.6-x64-mingw32)
    jekyll-tagging (1.0.1)
      ruby-nuggets
    jekyll-watch (1.3.1)
      listen (~> 3.0)
    kramdown (1.10.0)
    listen (3.0.6)
      rb-fsevent (>= 0.9.3)
      rb-inotify (>= 0.9.7)
    nuggets (1.0.0)
    rb-fsevent (0.9.4)
    rb-inotify (0.9.7)
      ffi (>= 0.5.0)
    ruby-nuggets (1.0.0)
      nuggets (= 1.0.0)
    wdm (0.1.1)

PLATFORMS
  x64-mingw32

DEPENDENCIES
  jekyll-tagging
  jekyll-watch
  kramdown
  wdm (>= 0.1.0)

BUNDLED WITH
   1.11.2
